GEM
  remote: https://www.rubygems.org/
  specs:
    abstract_type (0.0.7)
    activesupport (5.2.4.4)
      concurrent-ruby (~> 1.0, >= 1.0.2)
      i18n (>= 0.7, < 2)
      minitest (~> 5.1)
      tzinfo (~> 1.1)
    adamantium (0.2.0)
      ice_nine (~> 0.11.0)
      memoizable (~> 0.4.0)
    addressable (2.7.0)
      public_suffix (>= 2.0.2, < 5.0)
    allure-cucumber (2.13.6)
      allure-ruby-commons (= 2.13.6)
      cucumber (>= 4.0.0)
    allure-ruby-commons (2.13.6)
      json (>= 1.8, < 3)
      mime-types (~> 3.3)
      require_all (>= 2, < 4)
      uuid (~> 2.3)
    archive-zip (0.12.0)
      io-like (~> 0.3.0)
    ast (2.4.1)
    builder (3.2.4)
    capybara (3.34.0)
      addressable
      mini_mime (>= 0.1.3)
      nokogiri (~> 1.8)
      rack (>= 1.6.0)
      rack-test (>= 0.6.3)
      regexp_parser (~> 1.5)
      xpath (~> 3.2)
    childprocess (3.0.0)
    chromedriver-helper (2.1.1)
      archive-zip (~> 0.10)
      nokogiri (~> 1.8)
    client-api (0.4.1)
      json-schema (~> 2.8)
      logger (~> 1.0)
    coderay (1.1.3)
    colorize (0.8.1)
    concord (0.1.6)
      adamantium (~> 0.2.0)
      equalizer (~> 0.0.9)
    concurrent-ruby (1.1.7)
    cucumber (5.2.0)
      builder (~> 3.2, >= 3.2.4)
      cucumber-core (~> 8.0, >= 8.0.1)
      cucumber-create-meta (~> 2.0, >= 2.0.2)
      cucumber-cucumber-expressions (~> 10.3, >= 10.3.0)
      cucumber-gherkin (~> 15.0, >= 15.0.2)
      cucumber-html-formatter (~> 9.0, >= 9.0.0)
      cucumber-messages (~> 13.1, >= 13.1.0)
      cucumber-wire (~> 4.0, >= 4.0.1)
      diff-lcs (~> 1.4, >= 1.4.4)
      multi_test (~> 0.1, >= 0.1.2)
      sys-uname (~> 1.2, >= 1.2.1)
    cucumber-core (8.0.1)
      cucumber-gherkin (~> 15.0, >= 15.0.2)
      cucumber-messages (~> 13.0, >= 13.0.1)
      cucumber-tag-expressions (~> 2.0, >= 2.0.4)
    cucumber-create-meta (2.0.4)
      cucumber-messages (~> 13.1, >= 13.1.0)
      sys-uname (~> 1.2, >= 1.2.1)
    cucumber-cucumber-expressions (10.3.0)
    cucumber-gherkin (15.0.2)
      cucumber-messages (~> 13.0, >= 13.0.1)
    cucumber-html-formatter (9.0.0)
      cucumber-messages (~> 13.0, >= 13.0.1)
    cucumber-messages (13.2.1)
      protobuf-cucumber (~> 3.10, >= 3.10.8)
    cucumber-tag-expressions (2.0.4)
    cucumber-wire (4.0.1)
      cucumber-core (~> 8.0, >= 8.0.1)
      cucumber-cucumber-expressions (~> 10.3, >= 10.3.0)
      cucumber-messages (~> 13.0, >= 13.0.1)
    diff-lcs (1.4.4)
    domain_name (0.5.20190701)
      unf (>= 0.0.5, < 1.0.0)
    equalizer (0.0.11)
    ffi (1.13.1-x64-mingw32)
    forwardable (1.3.1)
    gmail (0.7.1)
      gmail_xoauth (>= 0.3.0)
      mail (>= 2.2.1)
    gmail_xoauth (0.4.2)
      oauth (>= 0.3.6)
    http-accept (1.7.0)
    http-cookie (1.0.3)
      domain_name (~> 0.5)
    i18n (1.8.5)
      concurrent-ruby (~> 1.0)
    ice_nine (0.11.2)
    io-like (0.3.1)
    java-properties (0.2.1)
    json (2.4.0)
    json-schema (2.8.1)
      addressable (>= 2.4)
    log4r (1.1.10)
    logger (1.4.2)
    macaddr (1.7.2)
      systemu (~> 2.6.5)
    mail (2.7.1)
      mini_mime (>= 0.1.1)
    memoizable (0.4.2)
      thread_safe (~> 0.3, >= 0.3.1)
    method_source (0.9.2)
    middleware (0.1.0)
    mime-types (3.3.1)
      mime-types-data (~> 3.2015)
    mime-types-data (3.2020.1104)
    mini_mime (1.0.2)
    mini_portile2 (2.4.0)
    minitest (5.14.2)
    multi_test (0.1.2)
    netrc (0.11.0)
    nokogiri (1.10.10-x64-mingw32)
      mini_portile2 (~> 2.4.0)
    oauth (0.5.4)
    parallel (1.20.1)
    parallel_tests (3.4.0)
      parallel
    parser (2.5.3.0)
      ast (~> 2.4.0)
    procto (0.0.3)
    protobuf-cucumber (3.10.8)
      activesupport (>= 3.2)
      middleware
      thor
      thread_safe
    pry (0.12.2)
      coderay (~> 1.1.0)
      method_source (~> 0.9.0)
    public_suffix (4.0.6)
    rack (2.2.3)
    rack-test (1.1.0)
      rack (>= 1.0, < 3)
    rake (13.0.1)
    regexp_parser (1.8.2)
    remote_ruby (0.1.3)
      colorize (~> 0.8)
      method_source (~> 0.9)
      parser (~> 2.5)
      unparser (~> 0.2.6)
    require_all (3.0.0)
    rest-client (2.1.0-x64-mingw32)
      ffi (~> 1.9)
      http-accept (>= 1.7.0, < 2.0)
      http-cookie (>= 1.0.2, < 2.0)
      mime-types (>= 1.16, < 4.0)
      netrc (~> 0.8)
    rspec (3.10.0)
      rspec-core (~> 3.10.0)
      rspec-expectations (~> 3.10.0)
      rspec-mocks (~> 3.10.0)
    rspec-core (3.10.0)
      rspec-support (~> 3.10.0)
    rspec-expectations (3.10.0)
      diff-lcs (>= 1.2.0, < 2.0)
      rspec-support (~> 3.10.0)
    rspec-mocks (3.10.0)
      diff-lcs (>= 1.2.0, < 2.0)
      rspec-support (~> 3.10.0)
    rspec-support (3.10.0)
    rubyzip (2.3.0)
    selenium-webdriver (3.142.7)
      childprocess (>= 0.5, < 4.0)
      rubyzip (>= 1.2.2)
    singleton (0.1.0)
    site_prism (3.7)
      addressable (~> 2.5)
      capybara (~> 3.8)
      site_prism-all_there (>= 0.3.1, < 1.0)
    site_prism-all_there (0.3.2)
    sys-uname (1.2.2)
      ffi (~> 1.1)
    systemu (2.6.5)
    thor (1.0.1)
    thread_safe (0.3.6)
    time_difference (0.7.0)
      activesupport (~> 5.1)
    tzinfo (1.2.8)
      thread_safe (~> 0.1)
    unf (0.1.4)
      unf_ext
    unf_ext (0.0.7.7-x64-mingw32)
    unparser (0.2.8)
      abstract_type (~> 0.0.7)
      adamantium (~> 0.2.0)
      concord (~> 0.1.5)
      diff-lcs (~> 1.3)
      equalizer (~> 0.0.9)
      parser (>= 2.3.1.2, < 2.6)
      procto (~> 0.0.2)
    uuid (2.3.9)
      macaddr (~> 1.0)
    xpath (3.2.0)
      nokogiri (~> 1.8)

PLATFORMS
  x64-mingw32

DEPENDENCIES
  allure-cucumber (= 2.13.6)
  capybara (~> 3.30)
  chromedriver-helper
  client-api
  cucumber
  forwardable
  gmail
  java-properties
  json
  log4r
  parallel_tests
  pry
  rake
  remote_ruby
  require_all
  rest-client
  rspec
  selenium-webdriver (~> 3.142.0)
  singleton
  site_prism
  time_difference (~> 0.7.0)

BUNDLED WITH
   2.1.4
